GEM
  remote: https://rubygems.org/
  specs:
    colorize (0.8.1)
    commander (4.4.0)
      highline (~> 1.7.2)
    faraday (0.9.2)
      multipart-post (>= 1.2, < 3)
    highline (1.7.8)
    i18n (0.7.0)
    jwt (1.5.5)
    mondo (0.5.0)
      money
      multi_json (~> 1.10)
      oauth2 (~> 1.0)
    money (6.7.1)
      i18n (>= 0.6.4, <= 0.7.0)
      sixarm_ruby_unaccent (>= 1.1.1, < 2)
    multi_json (1.12.1)
    multi_xml (0.5.5)
    multipart-post (2.0.0)
    oauth2 (1.2.0)
      faraday (>= 0.8, < 0.10)
      jwt (~> 1.0)
      multi_json (~> 1.3)
      multi_xml (~> 0.5)
      rack (>= 1.2, < 3)
    qif (1.2.0)
    rack (2.0.1)
    sixarm_ruby_unaccent (1.1.1)

PLATFORMS
  ruby

DEPENDENCIES
  colorize
  commander
  mondo
  oauth2
  qif

BUNDLED WITH
   1.12.5
